PATH
  remote: .
  specs:
    day_schedule_selector (0.1.0)

GEM
  remote: https://rubygems.org/
  specs:
    rake (10.5.0)

PLATFORMS
  ruby

DEPENDENCIES
  bundler (~> 1.9)
  day_schedule_selector!
  rake (~> 10.0)

BUNDLED WITH
   1.14.6
